FRAMEWORK: >= NET45
NUGET
  remote: https://www.nuget.org/api/v2
    log4net (2.0.3)
